GEM
  remote: http://rubygems.org/
  specs:
    ZenTest (4.7.0)
    actionmailer (3.2.2)
      actionpack (= 3.2.2)
      mail (~> 2.4.0)
    actionpack (3.2.2)
      activemodel (= 3.2.2)
      activesupport (= 3.2.2)
      builder (~> 3.0.0)
      erubis (~> 2.7.0)
      journey (~> 1.0.1)
      rack (~> 1.4.0)
      rack-cache (~> 1.1)
      rack-test (~> 0.6.1)
      sprockets (~> 2.1.2)
    activemodel (3.2.2)
      activesupport (= 3.2.2)
      builder (~> 3.0.0)
    activerecord (3.2.2)
      activemodel (= 3.2.2)
      activesupport (= 3.2.2)
      arel (~> 3.0.2)
      tzinfo (~> 0.3.29)
    activeresource (3.2.2)
      activemodel (= 3.2.2)
      activesupport (= 3.2.2)
    activesupport (3.2.2)
      i18n (~> 0.6)
      multi_json (~> 1.0)
    arel (3.0.2)
    autotest (4.4.6)
      ZenTest (>= 4.4.1)
    autotest-fsevent (0.2.8)
      sys-uname
    autotest-growl (0.2.16)
    autotest-rails-pure (4.1.2)
    better_errors (0.3.2)
      coderay (>= 1.0.0)
      erubis (>= 2.7.0)
    binding_of_caller (0.7.1)
      debug_inspector (>= 0.0.1)
    bond (0.4.1)
    builder (3.0.0)
    capistrano (2.13.5)
      highline
      net-scp (>= 1.0.0)
      net-sftp (>= 2.0.0)
      net-ssh (>= 2.0.14)
      net-ssh-gateway (>= 1.1.0)
    coderay (1.0.8)
    coffee-rails (3.2.2)
      coffee-script (>= 2.2.0)
      railties (~> 3.2.0)
    coffee-script (2.2.0)
      coffee-script-source
      execjs
    coffee-script-source (1.2.0)
    debug_inspector (0.0.2)
    diff-lcs (1.1.3)
    erubis (2.7.0)
    execjs (1.3.0)
      multi_json (~> 1.0)
    fast_git_deploy (0.2.1)
    ffi (1.0.11)
    highline (1.6.15)
    hike (1.2.1)
    i18n (0.6.0)
    journey (1.0.3)
    jquery-rails (2.0.1)
      railties (>= 3.2.0, < 5.0)
      thor (~> 0.14)
    jruby-pageant (1.1.1)
    json (1.6.5)
    kgio (2.8.0)
    libv8 (3.11.8.4)
    looksee (1.0.3)
    mail (2.4.3)
      i18n (>= 0.4.0)
      mime-types (~> 1.16)
      treetop (~> 1.4.8)
    meta_request (0.2.1)
      rack-contrib
      rails
    mime-types (1.17.2)
    multi_json (1.1.0)
    mysql2 (0.3.11)
    net-scp (1.0.4)
      net-ssh (>= 1.99.1)
    net-sftp (2.0.5)
      net-ssh (>= 2.0.9)
    net-ssh (2.4.0)
      jruby-pageant (>= 1.0.2)
    net-ssh-gateway (1.1.0)
      net-ssh (>= 1.99.1)
    nokogiri (1.5.2)
    polyglot (0.3.3)
    rack (1.4.1)
    rack-cache (1.2)
      rack (>= 0.4)
    rack-contrib (1.1.0)
      rack (>= 0.9.1)
    rack-ssl (1.3.2)
      rack
    rack-test (0.6.1)
      rack (>= 1.0)
    rails (3.2.2)
      actionmailer (= 3.2.2)
      actionpack (= 3.2.2)
      activerecord (= 3.2.2)
      activeresource (= 3.2.2)
      activesupport (= 3.2.2)
      bundler (~> 1.0)
      railties (= 3.2.2)
    railties (3.2.2)
      actionpack (= 3.2.2)
      activesupport (= 3.2.2)
      rack-ssl (~> 1.3.2)
      rake (>= 0.8.7)
      rdoc (~> 3.4)
      thor (~> 0.14.6)
    raindrops (0.10.0)
    rake (0.9.2.2)
    rb-readline (0.4.2)
    rdoc (3.12)
      json (~> 1.4)
    ref (1.0.2)
    ripl (0.6.0)
      bond (~> 0.4.0)
    rspec (2.9.0)
      rspec-core (~> 2.9.0)
      rspec-expectations (~> 2.9.0)
      rspec-mocks (~> 2.9.0)
    rspec-core (2.9.0)
    rspec-expectations (2.9.0)
      diff-lcs (~> 1.1.3)
    rspec-mocks (2.9.0)
    rspec-rails (2.9.0)
      actionpack (>= 3.0)
      activesupport (>= 3.0)
      railties (>= 3.0)
      rspec (~> 2.9.0)
    sass (3.1.15)
    sass-rails (3.2.4)
      railties (~> 3.2.0)
      sass (>= 3.1.10)
      tilt (~> 1.3)
    sprockets (2.1.2)
      hike (~> 1.2)
      rack (~> 1.0)
      tilt (~> 1.1, != 1.3.0)
    sys-uname (0.9.0)
      ffi (>= 1.0.0)
    therubyracer (0.11.0)
      ref
    thor (0.14.6)
    tilt (1.3.3)
    treetop (1.4.10)
      polyglot
      polyglot (>= 0.3.1)
    tzinfo (0.3.32)
    uglifier (1.2.3)
      execjs (>= 0.3.0)
      multi_json (>= 1.0.2)
    unicorn (4.6.1)
      kgio (~> 2.6)
      rack
      raindrops (~> 0.7)
    webrat (0.7.3)
      nokogiri (>= 1.2.0)
      rack (>= 1.0)
      rack-test (>= 0.5.3)

PLATFORMS
  ruby

DEPENDENCIES
  autotest (~> 4.4.6)
  autotest-fsevent (~> 0.2.8)
  autotest-growl (~> 0.2.16)
  autotest-rails-pure (~> 4.1.2)
  better_errors
  binding_of_caller
  capistrano
  coffee-rails (~> 3.2.1)
  fast_git_deploy (~> 0.2.1)
  ffi (~> 1.0.11)
  jquery-rails
  libv8 (~> 3.11.8)
  looksee
  meta_request
  mysql2
  rails (= 3.2.2)
  rb-readline
  ripl (~> 0.6.0)
  rspec-rails (~> 2.9.0)
  sass-rails (~> 3.2.3)
  sys-uname (~> 0.9.0)
  therubyracer
  uglifier (>= 1.0.3)
  unicorn
  webrat (~> 0.7.3)
